GIT
  remote: git://github.com/icalendar/icalendar.git
  revision: 97ed9d301448350de15da4ba3b2323bd685d358c
  ref: 97ed9d3
  specs:
    icalendar (2.4.1)

GIT
  remote: git://github.com/loomio/custom_counter_cache.git
  revision: 7a4ed2c70c6a00cbee468d81295bdb3d4a86f2a7
  branch: rails5
  specs:
    custom_counter_cache (0.2.2)
      rails (>= 4.0)

GIT
  remote: git://github.com/loomio/griddler-mailin.git
  revision: 5a1d1ea7612308b8d3890b1c6d7a51c5b485498c
  specs:
    griddler-mailin (0.0.1)
      griddler

GIT
  remote: git://github.com/loomio/griddler.git
  revision: 52cfe124f0edf588f0e9f84fbc762e464384f67c
  specs:
    griddler (1.3.1)
      htmlentities
      rails (>= 3.2.0)

GIT
  remote: git://github.com/loomio/twitter-text.git
  revision: 0931cb3782bf32023e7ff05282a46023718f42fe
  specs:
    twitter-text (1.14.7)
      unf (~> 0.1.0)

GEM
  remote: http://rubygems.org/
  specs:
    actioncable (5.1.6)
      actionpack (= 5.1.6)
      nio4r (~> 2.0)
      websocket-driver (~> 0.6.1)
    actionmailer (5.1.6)
      actionpack (= 5.1.6)
      actionview (= 5.1.6)
      activejob (= 5.1.6)
      mail (~> 2.5, >= 2.5.4)
      rails-dom-testing (~> 2.0)
    actionpack (5.1.6)
      actionview (= 5.1.6)
      activesupport (= 5.1.6)
      rack (~> 2.0)
      rack-test (>= 0.6.3)
      rails-dom-testing (~> 2.0)
      rails-html-sanitizer (~> 1.0, >= 1.0.2)
    actionview (5.1.6)
      activesupport (= 5.1.6)
      builder (~> 3.1)
      erubi (~> 1.4)
      rails-dom-testing (~> 2.0)
      rails-html-sanitizer (~> 1.0, >= 1.0.3)
    active_model_serializers (0.8.4)
      activemodel (>= 3.0)
    activeadmin (1.3.1)
      arbre (>= 1.1.1)
      coffee-rails
      formtastic (~> 3.1)
      formtastic_i18n
      inherited_resources (>= 1.9.0)
      jquery-rails (>= 4.2.0)
      kaminari (>= 0.15)
      railties (>= 4.2, < 5.3)
      ransack (>= 1.8.7)
      sass (~> 3.1)
      sprockets (< 4.1)
    activejob (5.1.6)
      activesupport (= 5.1.6)
      globalid (>= 0.3.6)
    activemodel (5.1.6)
      activesupport (= 5.1.6)
    activerecord (5.1.6)
      activemodel (= 5.1.6)
      activesupport (= 5.1.6)
      arel (~> 8.0)
    activerecord-import (0.27.0)
      activerecord (>= 3.2)
    activerecord-nulldb-adapter (0.3.9)
      activerecord (>= 2.0.0)
    activesupport (5.1.6)
      concurrent-ruby (~> 1.0, >= 1.0.2)
      i18n (>= 0.7, < 2)
      minitest (~> 5.1)
      tzinfo (~> 1.1)
    addressable (2.5.2)
      public_suffix (>= 2.0.2, < 4.0)
    ahoy_email (0.5.2)
      actionmailer
      activerecord
      addressable (>= 2.3.2)
      nokogiri
      railties
      safely_block (>= 0.1.1)
    ahoy_matey (2.1.0)
      addressable
      browser (~> 2.0)
      device_detector
      geocoder (>= 1.4.5)
      railties (>= 4.2)
      referer-parser (>= 0.3)
      request_store
      safely_block (>= 0.2.1)
      user_agent_parser
    arbre (1.1.1)
      activesupport (>= 3.0.0)
    arel (8.0.0)
    autoprefixer-rails (9.2.1)
      execjs
    awesome_print (1.8.0)
    bcrypt (3.1.12)
    benchmark-ips (2.7.2)
    bootsnap (1.3.2)
      msgpack (~> 1.0)
    browser (2.5.3)
    builder (3.2.3)
    bullet (5.7.6)
      activesupport (>= 3.0.0)
      uniform_notifier (~> 1.11.0)
    byebug (10.0.2)
    cancancan (2.3.0)
    capybara (3.6.0)
      addressable
      mini_mime (>= 0.1.3)
      nokogiri (~> 1.8)
      rack (>= 1.6.0)
      rack-test (>= 0.6.3)
      xpath (~> 3.1)
    character_set (1.1.1)
    climate_control (0.2.0)
    cliver (0.3.2)
    codeclimate-test-reporter (1.0.8)
      simplecov (<= 0.13)
    coffee-rails (4.2.2)
      coffee-script (>= 2.2.0)
      railties (>= 4.0.0)
    coffee-script (2.4.1)
      coffee-script-source
      execjs
    coffee-script-source (1.12.2)
    colored (1.2)
    concurrent-ruby (1.0.5)
    crack (0.4.3)
      safe_yaml (~> 1.0.0)
    crass (1.0.4)
    css_parser (1.6.0)
      addressable
    database_cleaner (1.7.0)
    delayed_job (4.1.5)
      activesupport (>= 3.0, < 5.3)
    delayed_job_active_record (4.1.3)
      activerecord (>= 3.0, < 5.3)
      delayed_job (>= 3.0, < 5)
    derailed (0.1.0)
      derailed_benchmarks
    derailed_benchmarks (1.3.4)
      benchmark-ips (~> 2)
      get_process_mem (~> 0)
      heapy (~> 0)
      memory_profiler (~> 0)
      rack (>= 1)
      rake (> 10, < 13)
      thor (~> 0.19)
    device_detector (1.0.1)
    devise (4.5.0)
      bcrypt (~> 3.0)
      orm_adapter (~> 0.1)
      railties (>= 4.1.0, < 6.0)
      responders
      warden (~> 1.2.3)
    devise-i18n (1.6.5)
      devise (>= 4.4)
    diff-lcs (1.3)
    discourse-diff (0.1.0)
    discriminator (0.1.1)
      activerecord (>= 4.0.2)
    docile (1.1.5)
    doorkeeper (4.4.2)
      railties (>= 4.2)
    doorkeeper-i18n (4.0.0)
    dotenv (2.5.0)
    dotenv-rails (2.5.0)
      dotenv (= 2.5.0)
      railties (>= 3.2, < 6.0)
    errbase (0.1.0)
    erubi (1.7.1)
    erubis (2.7.0)
    excon (0.62.0)
    execjs (2.7.0)
    factory_bot (4.11.1)
      activesupport (>= 3.0.0)
    factory_bot_rails (4.11.1)
      factory_bot (~> 4.11.1)
      railties (>= 3.0.0)
    faker (1.9.1)
      i18n (>= 0.7)
    faraday (0.15.3)
      multipart-post (>= 1.2, < 3)
    ffi (1.9.25)
    fog-aws (3.3.0)
      fog-core (~> 2.1)
      fog-json (~> 1.1)
      fog-xml (~> 0.1)
      ipaddress (~> 0.8)
    fog-core (2.1.2)
      builder
      excon (~> 0.58)
      formatador (~> 0.2)
      mime-types
    fog-json (1.2.0)
      fog-core
      multi_json (~> 1.10)
    fog-xml (0.1.3)
      fog-core
      nokogiri (>= 1.5.11, < 2.0.0)
    formatador (0.2.5)
    formtastic (3.1.5)
      actionpack (>= 3.2.13)
    formtastic_i18n (0.6.0)
    friendly_id (5.2.4)
      activerecord (>= 4.0.0)
    gemrat (0.4.6)
      colored (= 1.2)
    geocoder (1.5.0)
    get_process_mem (0.2.1)
    globalid (0.4.1)
      activesupport (>= 4.2.0)
    google-cloud-core (1.2.7)
      google-cloud-env (~> 1.0)
    google-cloud-env (1.0.5)
      faraday (~> 0.11)
    google-cloud-translate (1.2.4)
      faraday (~> 0.13)
      google-cloud-core (~> 1.2)
      googleauth (~> 0.6.2)
    googleauth (0.6.6)
      faraday (~> 0.12)
      jwt (>= 1.4, < 3.0)
      memoist (~> 0.12)
      multi_json (~> 1.11)
      os (>= 0.9, < 2.0)
      signet (~> 0.7)
    gravtastic (3.2.6)
    haml (5.0.4)
      temple (>= 0.8.0)
      tilt
    haml-rails (1.0.0)
      actionpack (>= 4.0.1)
      activesupport (>= 4.0.1)
      haml (>= 4.0.6, < 6.0)
      html2haml (>= 1.0.1)
      railties (>= 4.0.1)
    has_scope (0.7.2)
      actionpack (>= 4.1)
      activesupport (>= 4.1)
    has_secure_token (1.0.0)
      activerecord (>= 3.0)
    hashdiff (0.3.7)
    heapy (0.1.3)
    heroku-deflater (0.6.3)
      rack (>= 1.4.5)
    html2haml (2.2.0)
      erubis (~> 2.7.0)
      haml (>= 4.0, < 6)
      nokogiri (>= 1.6.0)
      ruby_parser (~> 3.5)
    htmlentities (4.3.4)
    http_accept_language (2.1.1)
    httparty (0.16.2)
      multi_xml (>= 0.5.2)
    i18n (1.1.0)
      concurrent-ruby (~> 1.0)
    inherited_resources (1.9.0)
      actionpack (>= 4.2, < 5.3)
      has_scope (~> 0.6)
      railties (>= 4.2, < 5.3)
      responders
    ipaddress (0.8.3)
    jquery-rails (4.3.3)
      rails-dom-testing (>= 1, < 3)
      railties (>= 4.2.0)
      thor (>= 0.14, < 2.0)
    js_regex (3.1.1)
      character_set (~> 1.1)
      regexp_parser (~> 1.1)
      regexp_property_values (~> 0.3)
    json (1.8.6)
    jwt (2.1.0)
    kaminari (1.1.1)
      activesupport (>= 4.1.0)
      kaminari-actionview (= 1.1.1)
      kaminari-activerecord (= 1.1.1)
      kaminari-core (= 1.1.1)
    kaminari-actionview (1.1.1)
      actionview
      kaminari-core (= 1.1.1)
    kaminari-activerecord (1.1.1)
      activerecord
      kaminari-core (= 1.1.1)
    kaminari-core (1.1.1)
    launchy (2.4.3)
      addressable (~> 2.3)
    loofah (2.2.2)
      crass (~> 1.0.2)
      nokogiri (>= 1.5.9)
    mail (2.7.0)
      mini_mime (>= 0.1.1)
    maxminddb (0.1.21)
    memoist (0.16.0)
    memory_profiler (0.9.10)
    method_source (0.9.0)
    mime-types (3.2.2)
      mime-types-data (~> 3.2015)
    mime-types-data (3.2018.0812)
    mimemagic (0.3.2)
    mini_mime (1.0.1)
    mini_portile2 (2.3.0)
    minitest (5.11.3)
    msgpack (1.2.4)
    multi_json (1.13.1)
    multi_xml (0.6.0)
    multipart-post (2.0.0)
    newrelic_rpm (5.4.0.347)
    nio4r (2.3.1)
    nokogiri (1.8.5)
      mini_portile2 (~> 2.3.0)
    oj (3.6.12)
    orm_adapter (0.5.0)
    os (1.0.0)
    paper_trail (10.0.1)
      activerecord (>= 4.2, < 5.3)
      request_store (~> 1.1)
    paperclip (6.1.0)
      activemodel (>= 4.2.0)
      activesupport (>= 4.2.0)
      mime-types
      mimemagic (~> 0.3.0)
      terrapin (~> 0.6.0)
    parallel (1.12.1)
    parallel_tests (2.23.0)
      parallel
    pg (1.1.3)
    poltergeist (1.18.1)
      capybara (>= 2.1, < 4)
      cliver (~> 0.3.1)
      websocket-driver (>= 0.2.0)
    premailer (1.11.1)
      addressable
      css_parser (>= 1.6.0)
      htmlentities (>= 4.0.0)
    premailer-rails (1.10.2)
      actionmailer (>= 3, < 6)
      premailer (~> 1.7, >= 1.7.9)
    public_suffix (3.0.3)
    puma (3.12.0)
    rack (2.0.5)
    rack-attack (5.4.1)
      rack (>= 1.0, < 3)
    rack-test (1.1.0)
      rack (>= 1.0, < 3)
    rack_session_access (0.2.0)
      builder (>= 2.0.0)
      rack (>= 1.0.0)
    rails (5.1.6)
      actioncable (= 5.1.6)
      actionmailer (= 5.1.6)
      actionpack (= 5.1.6)
      actionview (= 5.1.6)
      activejob (= 5.1.6)
      activemodel (= 5.1.6)
      activerecord (= 5.1.6)
      activesupport (= 5.1.6)
      bundler (>= 1.3.0)
      railties (= 5.1.6)
      sprockets-rails (>= 2.0.0)
    rails-controller-testing (1.0.2)
      actionpack (~> 5.x, >= 5.0.1)
      actionview (~> 5.x, >= 5.0.1)
      activesupport (~> 5.x)
    rails-dom-testing (2.0.3)
      activesupport (>= 4.2.0)
      nokogiri (>= 1.6)
    rails-html-sanitizer (1.0.4)
      loofah (~> 2.2, >= 2.2.2)
    rails_12factor (0.0.3)
      rails_serve_static_assets
      rails_stdout_logging
    rails_serve_static_assets (0.0.5)
    rails_stdout_logging (0.0.5)
    railties (5.1.6)
      actionpack (= 5.1.6)
      activesupport (= 5.1.6)
      method_source
      rake (>= 0.8.7)
      thor (>= 0.18.1, < 2.0)
    rake (12.3.1)
    ransack (2.0.1)
      actionpack (>= 5.0)
      activerecord (>= 5.0)
      activesupport (>= 5.0)
      i18n
    rb-fsevent (0.10.3)
    rb-inotify (0.9.10)
      ffi (>= 0.5.0, < 2)
    redcarpet (3.4.0)
    redis (4.0.1)
    redis-actionpack (5.0.2)
      actionpack (>= 4.0, < 6)
      redis-rack (>= 1, < 3)
      redis-store (>= 1.1.0, < 2)
    redis-activesupport (5.0.4)
      activesupport (>= 3, < 6)
      redis-store (>= 1.3, < 2)
    redis-rack (2.0.4)
      rack (>= 1.5, < 3)
      redis-store (>= 1.2, < 2)
    redis-rails (5.0.2)
      redis-actionpack (>= 5.0, < 6)
      redis-activesupport (>= 5.0, < 6)
      redis-store (>= 1.2, < 2)
    redis-store (1.4.1)
      redis (>= 2.2, < 5)
    referer-parser (0.3.0)
    regexp_parser (1.1.0)
    regexp_property_values (0.3.4)
    request_store (1.4.1)
      rack (>= 1.4)
    responders (2.4.0)
      actionpack (>= 4.2.0, < 5.3)
      railties (>= 4.2.0, < 5.3)
    rinku (2.0.4)
    rspec-activemodel-mocks (1.1.0)
      activemodel (>= 3.0)
      activesupport (>= 3.0)
      rspec-mocks (>= 2.99, < 4.0)
    rspec-collection_matchers (1.1.3)
      rspec-expectations (>= 2.99.0.beta1)
    rspec-core (3.8.0)
      rspec-support (~> 3.8.0)
    rspec-expectations (3.8.1)
      diff-lcs (>= 1.2.0, < 2.0)
      rspec-support (~> 3.8.0)
    rspec-its (1.2.0)
      rspec-core (>= 3.0.0)
      rspec-expectations (>= 3.0.0)
    rspec-mocks (3.8.0)
      diff-lcs (>= 1.2.0, < 2.0)
      rspec-support (~> 3.8.0)
    rspec-rails (3.8.0)
      actionpack (>= 3.0)
      activesupport (>= 3.0)
      railties (>= 3.0)
      rspec-core (~> 3.8.0)
      rspec-expectations (~> 3.8.0)
      rspec-mocks (~> 3.8.0)
      rspec-support (~> 3.8.0)
    rspec-support (3.8.0)
    ruby-saml (1.9.0)
      nokogiri (>= 1.5.10)
    ruby_parser (3.11.0)
      sexp_processor (~> 4.9)
    s3_uploader (0.2.3)
      fog-aws (>= 0.9.4)
      mime-types
    safe_yaml (1.0.4)
    safely_block (0.2.1)
      errbase
    sass (3.5.7)
      sass-listen (~> 4.0.0)
    sass-listen (4.0.0)
      rb-fsevent (~> 0.9, >= 0.9.4)
      rb-inotify (~> 0.9, >= 0.9.7)
    sass-rails (5.0.7)
      railties (>= 4.0.0, < 6)
      sass (~> 3.1)
      sprockets (>= 2.8, < 4.0)
      sprockets-rails (>= 2.0, < 4.0)
      tilt (>= 1.1, < 3)
    sentry-raven (2.7.4)
      faraday (>= 0.7.6, < 1.0)
    sequenced (3.1.1)
      activerecord (>= 3.0)
      activesupport (>= 3.0)
    sexp_processor (4.11.0)
    shoulda-matchers (3.1.2)
      activesupport (>= 4.0.0)
    signet (0.9.2)
      addressable (~> 2.3)
      faraday (~> 0.9)
      jwt (>= 1.5, < 3.0)
      multi_json (~> 1.10)
    simplecov (0.13.0)
      docile (~> 1.1.0)
      json (>= 1.8, < 3)
      simplecov-html (~> 0.10.0)
    simplecov-html (0.10.2)
    snorlax (0.1.8)
      rails (> 4.1)
    spring (2.0.2)
      activesupport (>= 4.2)
    spring-commands-rspec (1.0.4)
      spring (>= 0.9.1)
    sprockets (3.7.2)
      concurrent-ruby (~> 1.0)
      rack (> 1, < 3)
    sprockets-rails (3.2.1)
      actionpack (>= 4.0)
      activesupport (>= 4.0)
      sprockets (>= 3.0.0)
    stackprof (0.2.12)
    temple (0.8.0)
    terrapin (0.6.0)
      climate_control (>= 0.0.3, < 1.0)
    thor (0.20.0)
    thread_safe (0.3.6)
    tilt (2.0.8)
    tzinfo (1.2.5)
      thread_safe (~> 0.1)
    uglifier (4.1.19)
      execjs (>= 0.3.0, < 3)
    unf (0.1.4)
      unf_ext
    unf_ext (0.0.7.5)
    uniform_notifier (1.11.0)
    user_agent_parser (2.4.1)
    uuidtools (2.1.5)
    warden (1.2.7)
      rack (>= 1.0)
    webmock (3.4.2)
      addressable (>= 2.3.6)
      crack (>= 0.3.2)
      hashdiff
    websocket-driver (0.6.5)
      websocket-extensions (>= 0.1.0)
    websocket-extensions (0.1.3)
    xpath (3.1.0)
      nokogiri (~> 1.8)

PLATFORMS
  ruby

DEPENDENCIES
  actioncable
  active_model_serializers (~> 0.8.1)
  activeadmin (~> 1.3.1)
  activerecord-import
  activerecord-nulldb-adapter
  ahoy_email (~> 0.5.2)
  ahoy_matey (~> 2)
  autoprefixer-rails
  awesome_print
  bootsnap
  browser (~> 2.5.3)
  bullet
  byebug
  cancancan
  codeclimate-test-reporter
  coffee-rails
  custom_counter_cache!
  database_cleaner
  delayed_job (~> 4.1.5)
  delayed_job_active_record (~> 4.1.3)
  derailed
  devise (~> 4.5.0)
  devise-i18n
  discourse-diff
  discriminator (~> 0.1.1)
  doorkeeper (~> 4.4.2)
  doorkeeper-i18n
  dotenv-rails
  factory_bot_rails
  faker
  fog-aws
  friendly_id (~> 5.2.4)
  gemrat
  geocoder (= 1.5.0)
  google-cloud-translate
  gravtastic
  griddler!
  griddler-mailin!
  haml-rails (~> 1.0.0)
  has_secure_token
  heroku-deflater
  http_accept_language
  httparty (~> 0.16.2)
  icalendar!
  js_regex
  launchy
  maxminddb
  newrelic_rpm
  nokogiri
  oj
  paper_trail (~> 10.0.1)
  paperclip (~> 6.1.0)
  parallel_tests
  pg (~> 1.1.3)
  poltergeist
  premailer-rails
  puma
  rack-attack
  rack_session_access
  rails (~> 5.1.5)
  rails-controller-testing
  rails_12factor
  rails_serve_static_assets
  rake
  redcarpet (~> 3.4.0)
  redis-rails
  rinku
  rspec-activemodel-mocks
  rspec-collection_matchers
  rspec-its
  rspec-rails (~> 3.8.0)
  ruby-saml
  s3_uploader
  sass-rails
  sentry-raven
  sequenced (~> 3.1.1)
  shoulda-matchers
  simplecov
  snorlax (= 0.1.8)
  spring
  spring-commands-rspec
  sprockets-rails
  stackprof
  twitter-text!
  uglifier
  uuidtools
  webmock

RUBY VERSION
   ruby 2.5.1p57

BUNDLED WITH
   1.16.4
